GEM
  remote: http://rubygems.org/
  specs:
    activesupport (3.1.0)
      multi_json (~> 1.0)
    addressable (2.2.6)
    algorithms (0.3.0)
    coderay (0.9.8)
    dead_simple_conf (1.0.0)
    dropbox (1.3.0)
      json (>= 1.2.0)
      multipart-post (>= 1.1.0)
      oauth (>= 0.3.6)
    drydock (0.6.9)
    em-http-request (1.0.0)
      addressable (>= 2.2.3)
      em-socksify
      eventmachine (>= 1.0.0.beta.3)
      http_parser.rb (>= 0.5.2)
    em-priority-queue (0.0.2)
      algorithms (~> 0.3.0)
      eventmachine (>= 1.0.0.beta.3)
    em-socksify (0.1.0)
      eventmachine
    eventmachine (1.0.0.beta.4)
    factory_girl (1.3.3)
    girl_friday (0.9.4)
    growl (1.0.3)
    guard (0.8.4)
      thor (~> 0.14.6)
    guard-bacon (1.0.2)
      guard (~> 0.8.4)
      schmurfy-bacon (~> 1.2)
    hpricot (0.8.4)
    http_parser.rb (0.5.3)
    i18n (0.6.0)
    json (1.6.1)
    libv8 (3.3.10.2)
    method_source (0.6.6)
      ruby_parser (~> 2.0.5)
    mocha (0.9.12)
    multi_json (1.0.3)
    multipart-post (1.1.3)
    oauth (0.4.5)
    pry (0.9.6.2)
      coderay (~> 0.9.8)
      method_source (~> 0.6.5)
      ruby_parser (~> 2.0.5)
      slop (~> 2.1.0)
    rb-fsevent (0.4.3.1)
    ruby_parser (2.0.6)
      sexp_processor (~> 3.0)
    schmurfy-bacon (1.2)
      term-ansicolor
    schmurfy-em-spec (0.2.2)
    sexp_processor (3.0.7)
    simplecov (0.5.3)
      multi_json (~> 1.0.3)
      simplecov-html (~> 0.5.3)
    simplecov-html (0.5.3)
    slop (2.1.0)
    term-ansicolor (1.0.6)
    therubyracer (0.9.8)
      libv8 (~> 3.3.10)
    thor (0.14.6)

PLATFORMS
  ruby

DEPENDENCIES
  activesupport (~> 3.1.0)
  dead_simple_conf (~> 1.0.0)
  dropbox
  drydock (~> 0.6.6)
  em-http-request (~> 1.0.0)
  em-priority-queue (~> 0.0.2)
  factory_girl (~> 1.3.2)
  girl_friday
  growl
  guard
  guard-bacon (~> 1.0.0)
  hpricot (~> 0.8.1)
  i18n
  mocha (~> 0.9.8)
  pry
  rb-fsevent
  schmurfy-bacon (~> 1.2)
  schmurfy-em-spec
  simplecov
  therubyracer (~> 0.9.8)
